GEM
  remote: http://rubygems.org/
  specs:
    thor (1.2.1)

PLATFORMS
  x86_64-linux

DEPENDENCIES
  thor

BUNDLED WITH
   2.3.11
