GEM
  remote: http://rubygems.org/
  specs:
    thor (1.2.1)

PLATFORMS
  ruby

DEPENDENCIES
  thor

BUNDLED WITH
   1.17.3
